GEM
  remote: https://rubygems.org/
  specs:
    minitest (5.8.0)
    pg (0.18.2)
    rake (10.4.2)

PLATFORMS
  ruby

DEPENDENCIES
  bundler (~> 1.8)
  minitest
  pg
  rake (~> 10.0)
